GIT
  remote: git@github.com:mdsol/crichton.git
  revision: 8b902c54b44c40b3ac77bddd13344dba6e9ae9f4
  branch: feature/fix_requires
  specs:
    crichton (0.0.1)
      activesupport (~> 3.2.0)
      addressable (~> 2.3.0)
      builder (~> 3.0.0)
      dice_bag (~> 0.7.0)

GEM
  remote: https://rubygems.org/
  specs:
    activemodel (3.2.13)
      activesupport (= 3.2.13)
      builder (~> 3.0.0)
    activerecord (3.2.13)
      activemodel (= 3.2.13)
      activesupport (= 3.2.13)
      arel (~> 3.0.2)
      tzinfo (~> 0.3.29)
    activesupport (3.2.13)
      i18n (= 0.6.1)
      multi_json (~> 1.0)
    addressable (2.3.4)
    arel (3.0.2)
    builder (3.0.4)
    dice_bag (0.7.0)
      rake
    i18n (0.6.1)
    launchy (2.3.0)
      addressable (~> 2.3)
    multi_json (1.7.7)
    rake (10.1.0)
    sqlite3 (1.3.7)
    tzinfo (0.3.37)
    uuidtools (2.1.4)

PLATFORMS
  ruby

DEPENDENCIES
  activerecord
  crichton!
  launchy
  sqlite3
  uuidtools
